RESTRICTION: || (== netcoreapp3.1) (== netstandard2.0)
NUGET
  remote: https://www.nuget.org/api/v2
    BenchmarkDotNet (0.12.1)
      BenchmarkDotNet.Annotations (>= 0.12.1)
      CommandLineParser (>= 2.4.3)
      Iced (>= 1.4)
      Microsoft.CodeAnalysis.CSharp (>= 2.10)
      Microsoft.Diagnostics.NETCore.Client (>= 0.2.61701)
      Microsoft.Diagnostics.Runtime (>= 1.1.57604)
      Microsoft.Diagnostics.Tracing.TraceEvent (>= 2.0.49)
      Microsoft.DotNet.PlatformAbstractions (>= 2.1)
      Microsoft.Win32.Registry (>= 4.5)
      Perfolizer (>= 0.2.1)
      System.Management (>= 4.5)
      System.Reflection.Emit (>= 4.3)
      System.Reflection.Emit.Lightweight (>= 4.3)
      System.Threading.Tasks.Extensions (>= 4.5.2)
      System.ValueTuple (>= 4.5)
    BenchmarkDotNet.Annotations (0.12.1)
    CommandLineParser (2.6)
    Expecto (9.0)
      FSharp.Core (>= 4.6)
      Mono.Cecil (>= 0.11.2)
    Expecto.FsCheck (9.0)
      Expecto (>= 9.0)
      FsCheck (>= 2.14.2)
    Expecto.VisualStudio.TestAdapter (10.0.2)
    FsCheck (2.14.2)
      FSharp.Core (>= 4.2.3)
    FSharp.Core (4.7.1)
    FSharpx.Collections (2.1.2)
      FSharp.Core (>= 4.3.4)
    Iced (1.6)
    Microsoft.CodeAnalysis.Analyzers (2.9.7)
    Microsoft.CodeAnalysis.Common (3.3.1)
      Microsoft.CodeAnalysis.Analyzers (>= 2.9.4)
      System.Collections.Immutable (>= 1.5)
      System.Memory (>= 4.5.3)
      System.Reflection.Metadata (>= 1.6)
      System.Runtime.CompilerServices.Unsafe (>= 4.5.2)
      System.Text.Encoding.CodePages (>= 4.5.1)
      System.Threading.Tasks.Extensions (>= 4.5.3)
    Microsoft.CodeAnalysis.CSharp (3.3.1)
      Microsoft.CodeAnalysis.Common (3.3.1)
    Microsoft.Diagnostics.NETCore.Client (0.2.61701)
    Microsoft.Diagnostics.Runtime (1.1.122004)
    Microsoft.Diagnostics.Tracing.TraceEvent (2.0.55)
      System.Runtime.CompilerServices.Unsafe (>= 4.5.2)
    Microsoft.DotNet.PlatformAbstractions (3.0)
    Microsoft.NETCore.Platforms (3.0) - restriction: || (== netcoreapp3.1) (&& (== netstandard2.0) (>= netcoreapp2.0))
    Microsoft.Win32.Registry (4.6)
      System.Buffers (>= 4.5) - restriction: || (&& (== netcoreapp3.1) (>= monoandroid) (< netstandard2.0)) (&& (== netcoreapp3.1) (>= monotouch)) (&& (== netcoreapp3.1) (< netcoreapp2.0)) (&& (== netcoreapp3.1) (>= xamarinios)) (&& (== netcoreapp3.1) (>= xamarinmac)) (&& (== netcoreapp3.1) (>= xamarintvos)) (&& (== netcoreapp3.1) (>= xamarinwatchos)) (== netstandard2.0)
      System.Memory (>= 4.5.3) - restriction: || (&& (== netcoreapp3.1) (< netcoreapp2.0)) (&& (== netcoreapp3.1) (< netcoreapp2.1)) (&& (== netcoreapp3.1) (>= uap10.1)) (== netstandard2.0)
      System.Security.AccessControl (>= 4.6)
      System.Security.Principal.Windows (>= 4.6)
    Mono.Cecil (0.11.2)
    Perfolizer (0.2.1)
      System.Memory (>= 4.5.3)
    Ply (0.1.8)
      FSharp.Core (>= 4.6.2)
    System.Buffers (4.5.1) - restriction: || (&& (== netcoreapp3.1) (>= monotouch)) (&& (== netcoreapp3.1) (>= net461)) (&& (== netcoreapp3.1) (< netcoreapp2.0)) (&& (== netcoreapp3.1) (< netstandard1.1)) (&& (== netcoreapp3.1) (< netstandard2.0)) (&& (== netcoreapp3.1) (>= xamarinios)) (&& (== netcoreapp3.1) (>= xamarinmac)) (&& (== netcoreapp3.1) (>= xamarintvos)) (&& (== netcoreapp3.1) (>= xamarinwatchos)) (== netstandard2.0)
    System.CodeDom (4.6)
    System.Collections.Immutable (1.6)
      System.Memory (>= 4.5.3) - restriction: || (&& (== netcoreapp3.1) (>= net46)) (&& (== netcoreapp3.1) (< netcoreapp2.1)) (&& (== netcoreapp3.1) (< netstandard2.0)) (&& (== netcoreapp3.1) (>= uap10.1)) (== netstandard2.0)
    System.Management (4.6)
      Microsoft.NETCore.Platforms (>= 3.0) - restriction: || (== netcoreapp3.1) (&& (== netstandard2.0) (>= netcoreapp2.0))
      Microsoft.Win32.Registry (>= 4.6) - restriction: || (== netcoreapp3.1) (&& (== netstandard2.0) (>= netcoreapp2.0))
      System.CodeDom (>= 4.6)
    System.Memory (4.5.4)
      System.Buffers (>= 4.5.1) - restriction: || (&& (== netcoreapp3.1) (>= monotouch)) (&& (== netcoreapp3.1) (>= net461)) (&& (== netcoreapp3.1) (< netcoreapp2.0)) (&& (== netcoreapp3.1) (< netstandard1.1)) (&& (== netcoreapp3.1) (< netstandard2.0)) (&& (== netcoreapp3.1) (>= xamarinios)) (&& (== netcoreapp3.1) (>= xamarinmac)) (&& (== netcoreapp3.1) (>= xamarintvos)) (&& (== netcoreapp3.1) (>= xamarinwatchos)) (== netstandard2.0)
      System.Numerics.Vectors (>= 4.4) - restriction: || (&& (== netcoreapp3.1) (< netcoreapp2.0)) (== netstandard2.0)
      System.Runtime.CompilerServices.Unsafe (>= 4.5.3) - restriction: || (&& (== netcoreapp3.1) (>= monotouch)) (&& (== netcoreapp3.1) (>= net461)) (&& (== netcoreapp3.1) (< netcoreapp2.0)) (&& (== netcoreapp3.1) (< netcoreapp2.1)) (&& (== netcoreapp3.1) (< netstandard1.1)) (&& (== netcoreapp3.1) (< netstandard2.0)) (&& (== netcoreapp3.1) (>= uap10.1)) (&& (== netcoreapp3.1) (>= xamarinios)) (&& (== netcoreapp3.1) (>= xamarinmac)) (&& (== netcoreapp3.1) (>= xamarintvos)) (&& (== netcoreapp3.1) (>= xamarinwatchos)) (== netstandard2.0)
    System.Numerics.Vectors (4.5) - restriction: || (&& (== netcoreapp3.1) (< netcoreapp2.0)) (== netstandard2.0)
    System.Reflection.Emit (4.6)
      System.Reflection.Emit.ILGeneration (>= 4.6) - restriction: || (&& (== netcoreapp3.1) (< netcoreapp2.0) (< netstandard2.1)) (&& (== netcoreapp3.1) (< netstandard1.1)) (&& (== netcoreapp3.1) (< netstandard2.0)) (&& (== netcoreapp3.1) (>= uap10.1)) (== netstandard2.0)
    System.Reflection.Emit.ILGeneration (4.6) - restriction: || (&& (== netcoreapp3.1) (< netcoreapp2.0) (< netstandard2.1)) (&& (== netcoreapp3.1) (< netstandard1.1)) (&& (== netcoreapp3.1) (< netstandard2.0)) (&& (== netcoreapp3.1) (>= uap10.1)) (== netstandard2.0)
    System.Reflection.Emit.Lightweight (4.6)
      System.Reflection.Emit.ILGeneration (>= 4.6) - restriction: || (&& (== netcoreapp3.1) (< netcoreapp2.0) (< netstandard2.1)) (&& (== netcoreapp3.1) (< netstandard2.0)) (&& (== netcoreapp3.1) (< portable-net45+wp8)) (&& (== netcoreapp3.1) (>= uap10.1)) (== netstandard2.0)
    System.Reflection.Metadata (1.7)
      System.Collections.Immutable (>= 1.6) - restriction: || (&& (== netcoreapp3.1) (>= net45)) (&& (== netcoreapp3.1) (< netcoreapp3.0)) (&& (== netcoreapp3.1) (< netstandard1.1)) (&& (== netcoreapp3.1) (< netstandard2.0)) (== netstandard2.0)
    System.Runtime.CompilerServices.Unsafe (4.6)
    System.Security.AccessControl (4.6)
      Microsoft.NETCore.Platforms (>= 3.0) - restriction: || (== netcoreapp3.1) (&& (== netstandard2.0) (>= netcoreapp2.0))
      System.Security.Principal.Windows (>= 4.6)
    System.Security.Principal.Windows (4.6)
    System.Text.Encoding.CodePages (4.6)
      Microsoft.NETCore.Platforms (>= 3.0) - restriction: || (== netcoreapp3.1) (&& (== netstandard2.0) (>= netcoreapp2.0))
      System.Runtime.CompilerServices.Unsafe (>= 4.6) - restriction: || (&& (== netcoreapp3.1) (>= net461)) (&& (== netcoreapp3.1) (< netcoreapp2.0)) (&& (== netcoreapp3.1) (< netcoreapp3.0)) (== netstandard2.0)
    System.Threading.Tasks.Extensions (4.5.3)
      System.Runtime.CompilerServices.Unsafe (>= 4.5.2) - restriction: || (&& (== netcoreapp3.1) (>= net45)) (&& (== netcoreapp3.1) (< netcoreapp2.1)) (&& (== netcoreapp3.1) (< netstandard1.0)) (&& (== netcoreapp3.1) (< netstandard2.0)) (&& (== netcoreapp3.1) (>= wp8)) (== netstandard2.0)
    System.ValueTuple (4.5)

GROUP Build
NUGET
  remote: https://www.nuget.org/api/v2
    FAKE (5.16)
